GEM
  remote: https://rubygems.org/
  specs:
    gviz (0.3.5)
      thor
    thor (0.19.1)

PLATFORMS
  ruby

DEPENDENCIES
  gviz

BUNDLED WITH
   1.12.0
